GEM
  remote: http://rubygems.org/
  specs:
    mysql2 (0.4.4)
    passenger (5.0.30)
      rack
      rake (>= 0.8.1)
    pdf-core (0.6.1)
    pdfkit (0.8.2)
    prawn (2.1.0)
      pdf-core (~> 0.6.1)
      ttfunk (~> 1.4.0)
    rack (1.6.4)
    rack-protection (1.5.3)
      rack
    rake (11.3.0)
    rubyzip (1.2.0)
    sequel (4.38.0)
    sinatra (1.4.7)
      rack (~> 1.5)
      rack-protection (~> 1.4)
      tilt (>= 1.3, < 3)
    tilt (2.0.5)
    ttfunk (1.4.0)

PLATFORMS
  ruby

DEPENDENCIES
  mysql2
  passenger
  pdfkit
  prawn
  rubyzip
  sequel (= 4.38.0)
  sinatra (= 1.4.7)

BUNDLED WITH
   1.13.2
