GEM
  remote: http://rubygems.org/
  specs:
    mysql2 (0.4.4)
    pdf-core (0.6.1)
    prawn (2.1.0)
      pdf-core (~> 0.6.1)
      ttfunk (~> 1.4.0)
    rack (1.6.4)
    rack-protection (1.5.3)
      rack
    rubyzip (1.2.0)
    sequel (4.38.0)
    sinatra (1.4.7)
      rack (~> 1.5)
      rack-protection (~> 1.4)
      tilt (>= 1.3, < 3)
    tilt (2.0.5)
    ttfunk (1.4.0)
    zip (2.0.2)

PLATFORMS
  ruby

DEPENDENCIES
  mysql2
  prawn
  rubyzip
  sequel (= 4.38.0)
  sinatra (= 1.4.7)
  zip

BUNDLED WITH
   1.13.1
